RESTRICTION: == net45
NUGET
  remote: https://www.nuget.org/api/v2
    FSharp.Core (4.0.0.1) - redirects: force

GROUP Build
RESTRICTION: == net45
NUGET
  remote: https://www.nuget.org/api/v2
    FAKE (4.63.2)
    FSharp.Compiler.Service (2.0.0.6)
    FSharp.Formatting (2.14.4)
      FSharp.Compiler.Service (2.0.0.6)
      FSharpVSPowerTools.Core (>= 2.3 < 2.4)
    FSharpVSPowerTools.Core (2.3)
      FSharp.Compiler.Service (>= 2.0.0.3)
    Octokit (0.24)
    SourceLink.Fake (1.1)
GITHUB
  remote: fsharp/FAKE
    modules/Octokit/Octokit.fsx (0341a2e614eb2a7f34607cec914eb0ed83ce9add)
      Octokit (>= 0.20)
GROUP Test
RESTRICTION: == net45
NUGET
  remote: https://www.nuget.org/api/v2
    FSharp.Data (2.4.2)
    NLog (4.4.12)
    NLog.FSharp (4.2.3)
      NLog (>= 4.2.3)
    NUnit (3.9)
    NUnit.ConsoleRunner (3.7)
GITHUB
  remote: fsprojects/FsUnit
    src/FsUnit.NUnit/FsUnitTyped.fs (8e69631ed274dd11e7fa6baec07209e2bf35f98d)