RESTRICTION: == net45
NUGET
  remote: https://www.nuget.org/api/v2
    FAKE (4.64.2)
    FSharp.Charting (0.91.1)
    FSharp.Core (4.0.0.1) - redirects: force
    FSharp.Data (2.4.6)
    NUnit (3.10.1)
    System.ValueTuple (4.5)

GROUP Build
RESTRICTION: == net45
NUGET
  remote: https://www.nuget.org/api/v2
    FAKE (4.63.2)
    FSharp.Compiler.Service (2.0.0.6)
    FSharp.Formatting (2.14.4)
      FSharp.Compiler.Service (2.0.0.6)
      FSharpVSPowerTools.Core (>= 2.3 < 2.4)
    FSharpVSPowerTools.Core (2.3)
      FSharp.Compiler.Service (>= 2.0.0.3)
    Octokit (0.24)
    SourceLink.Fake (1.1)
GITHUB
  remote: fsharp/FAKE
    modules/Octokit/Octokit.fsx (76457c09afe4b2229466bb2c730f605ef1a3097a)
      Octokit (>= 0.20)
GROUP Test
RESTRICTION: == net45
NUGET
  remote: https://www.nuget.org/api/v2
    FSharp.Data (2.4.6)
    NLog (4.4.12)
    NLog.FSharp (4.2.3)
      NLog (>= 4.2.3)
    NUnit (3.10.1)
    NUnit.ConsoleRunner (3.8)
GITHUB
  remote: fsprojects/FsUnit
    src/FsUnit.NUnit/FsUnitTyped.fs (bd259f8dbbb1dc0f4618c5ce211bf144fe01d817)